PATH
  remote: .
  specs:
    logstash-output-mongodb (3.2.4)
      logstash-codec-plain (~> 3)
      logstash-core-plugin-api (>= 1.60, <= 2.99)
      mongo (= 2.14)

PATH
  remote: /src/logstash/logstash-core-plugin-api
  specs:
    logstash-core-plugin-api (2.1.16-java)
      logstash-core (= 7.9.2)

PATH
  remote: /src/logstash/logstash-core
  specs:
    logstash-core (7.9.2-java)
      chronic_duration (~> 0.10)
      clamp (~> 0.6)
      concurrent-ruby (~> 1)
      elasticsearch (~> 5)
      filesize (~> 0.2)
      gems (~> 1)
      i18n (~> 1)
      jrjackson (= 0.4.12)
      jruby-openssl (~> 0.10)
      manticore (~> 0.6)
      minitar (~> 0.8)
      mustermann (~> 1.0.3)
      pry (~> 0.12)
      puma (~> 4)
      rack (~> 2)
      rubyzip (~> 1)
      sinatra (~> 2)
      stud (~> 0.0.19)
      thread_safe (~> 0.3.6)
      treetop (~> 1)

GEM
  remote: https://rubygems.org/
  specs:
    bson (4.12.0-java)
    chronic_duration (0.10.6)
      numerizer (~> 0.1.1)
    clamp (0.6.5)
    coderay (1.1.3)
    concurrent-ruby (1.1.7)
    diff-lcs (1.4.4)
    elasticsearch (5.0.5)
      elasticsearch-api (= 5.0.5)
      elasticsearch-transport (= 5.0.5)
    elasticsearch-api (5.0.5)
      multi_json
    elasticsearch-transport (5.0.5)
      faraday
      multi_json
    faraday (1.0.1)
      multipart-post (>= 1.2, < 3)
    ffi (1.14.2-java)
    filesize (0.2.0)
    fivemat (1.3.7)
    gem_publisher (1.5.0)
    gems (1.2.0)
    i18n (1.8.7)
      concurrent-ruby (~> 1.0)
    jrjackson (0.4.12-java)
    jruby-openssl (0.10.5-java)
    kramdown (1.14.0)
    logstash-codec-plain (3.0.6)
      logstash-core-plugin-api (>= 1.60, <= 2.99)
    logstash-devutils (2.1.0-java)
      fivemat
      gem_publisher
      kramdown (= 1.14.0)
      logstash-codec-plain
      logstash-core (>= 6.3)
      minitar
      rake
      rspec (~> 3.0)
      rspec-wait
      stud (>= 0.0.20)
    manticore (0.7.0-java)
      openssl_pkcs8_pure
    method_source (1.0.0)
    minitar (0.9)
    mongo (2.14.0)
      bson (>= 4.8.2, < 5.0.0)
    multi_json (1.15.0)
    multipart-post (2.1.1)
    mustermann (1.0.3)
    nio4r (2.5.2-java)
    numerizer (0.1.1)
    openssl_pkcs8_pure (0.0.0.2)
    polyglot (0.3.5)
    pry (0.13.1-java)
      coderay (~> 1.1)
      method_source (~> 1.0)
      spoon (~> 0.0)
    puma (4.3.7-java)
      nio4r (~> 2.0)
    rack (2.2.3)
    rack-protection (2.1.0)
      rack
    rake (13.0.3)
    rspec (3.10.0)
      rspec-core (~> 3.10.0)
      rspec-expectations (~> 3.10.0)
      rspec-mocks (~> 3.10.0)
    rspec-core (3.10.1)
      rspec-support (~> 3.10.0)
    rspec-expectations (3.10.1)
      diff-lcs (>= 1.2.0, < 2.0)
      rspec-support (~> 3.10.0)
    rspec-mocks (3.10.1)
      diff-lcs (>= 1.2.0, < 2.0)
      rspec-support (~> 3.10.0)
    rspec-support (3.10.1)
    rspec-wait (0.0.9)
      rspec (>= 3, < 4)
    rubyzip (1.3.0)
    sinatra (2.1.0)
      mustermann (~> 1.0)
      rack (~> 2.2)
      rack-protection (= 2.1.0)
      tilt (~> 2.0)
    spoon (0.0.6)
      ffi
    stud (0.0.23)
    thread_safe (0.3.6-java)
    tilt (2.0.10)
    treetop (1.6.11)
      polyglot (~> 0.3)

PLATFORMS
  java

DEPENDENCIES
  logstash-core!
  logstash-core-plugin-api!
  logstash-devutils
  logstash-output-mongodb!

BUNDLED WITH
   2.1.4
